GEM
  remote: https://rubygems.org/
  specs:
    crystalruby (0.3.3)
      digest
      ffi
      fileutils (~> 1.7)
      prism (~> 1.3.0)
    digest (3.2.0)
    ffi (1.17.1)
    ffi (1.17.1-arm64-darwin)
    fileutils (1.7.3)
    libv8-node (18.19.0.0)
    libv8-node (18.19.0.0-arm64-darwin)
    mini_racer (0.9.0)
      libv8-node (~> 18.19.0.0)
    prism (1.3.0)

PLATFORMS
  arm64-darwin-21
  ruby

DEPENDENCIES
  crystalruby
  mini_racer

BUNDLED WITH
   2.5.6
