GEM
  remote: https://rubygems.org/
  specs:
    crystalruby (0.1.13)
      digest
      ffi
      fileutils
      method_source
    digest (3.1.1)
    ffi (1.16.3)
    fileutils (1.7.2)
    libv8-node (18.19.0.0)
    libv8-node (18.19.0.0-arm64-darwin)
    method_source (1.1.0)
    mini_racer (0.9.0)
      libv8-node (~> 18.19.0.0)

PLATFORMS
  arm64-darwin-21
  ruby

DEPENDENCIES
  crystalruby
  mini_racer

BUNDLED WITH
   2.5.6
