GEM
  remote: https://rubygems.org/
  specs:
    crystalruby (0.1.13)
      digest
      ffi
      fileutils
      method_source
    digest (3.1.1)
    ffi (1.16.3)
    fileutils (1.7.2)
    method_source (1.1.0)

PLATFORMS
  arm64-darwin-21
  ruby

DEPENDENCIES
  crystalruby

BUNDLED WITH
   2.5.6
