GEM
  remote: https://rubygems.org/
  specs:
    rake (13.2.1)
    rake-compiler (1.2.9)
      rake
    rake-compiler-dock (1.9.1)
    rb_sys (0.9.111)
      rake-compiler-dock (= 1.9.1)

PLATFORMS
  arm64-darwin-21
  ruby

DEPENDENCIES
  rake
  rake-compiler
  rb_sys

BUNDLED WITH
   2.5.6
